GEM
  remote: https://rubygems.org/
  specs:
    chronic (0.10.2)
    cinch (2.2.6)
    cinch-cooldown (1.1.5)
      cinch (~> 2)
      time-lord (~> 1.0, >= 1.0.1)
    cinch-identify (1.7.0)
      cinch (~> 2.0)
    cinch-seen (1.0.5)
      cinch (~> 2)
      cinch-cooldown (~> 1.1, >= 1.1.1)
      cinch-storage (~> 1.1)
      cinch-toolbox (~> 1.1)
    cinch-storage (1.2.0)
      cinch (~> 2, >= 2.0.8)
      psych (~> 2.0, >= 2.0.4)
    cinch-toolbox (1.1.4)
      nokogiri (~> 1.6.0)
    daemons (1.2.3)
    eventmachine (1.0.8)
    json (1.8.3)
    mini_portile (0.6.2)
    nokogiri (1.6.6.2)
      mini_portile (~> 0.6.0)
    psych (2.0.15)
    rack (1.6.4)
    rack-protection (1.5.3)
      rack
    sinatra (1.4.6)
      rack (~> 1.4)
      rack-protection (~> 1.4)
      tilt (>= 1.3, < 3)
    thin (1.6.4)
      daemons (~> 1.0, >= 1.0.9)
      eventmachine (~> 1.0, >= 1.0.4)
      rack (~> 1.0)
    tilt (2.0.1)
    time-lord (1.0.1)

PLATFORMS
  ruby

DEPENDENCIES
  chronic
  cinch
  cinch-identify
  cinch-seen
  json
  sinatra
  thin

BUNDLED WITH
   1.10.6
