GEM
  remote: https://rubygems.org/
  specs:
    addressable (2.8.6)
      public_suffix (>= 2.0.2, < 6.0)
    base64 (0.2.0)
    chronic (0.10.2)
    cinch (2.3.4)
    cinch-cooldown (1.2.1)
      cinch (~> 2)
      time-lord (~> 1.0, >= 1.0.1)
    cinch-seen (1.0.5)
      cinch (~> 2)
      cinch-cooldown (~> 1.1, >= 1.1.1)
      cinch-storage (~> 1.1)
      cinch-toolbox (~> 1.1)
    cinch-storage (1.2.1)
      cinch (~> 2, >= 2.0.8)
      psych (~> 2.0, >= 2.0.4)
    cinch-toolbox (1.1.7)
      nokogiri (~> 1.6)
    daemons (1.4.1)
    domain_name (0.6.20240107)
    eventmachine (1.2.7)
    faraday (2.8.1)
      base64
      faraday-net_http (>= 2.0, < 3.1)
      ruby2_keywords (>= 0.0.4)
    faraday-net_http (3.0.2)
    ffi (1.16.3)
    ffi-compiler (1.3.2)
      ffi (>= 1.15.5)
      rake
    google-cloud-env (2.1.1)
      faraday (>= 1.0, < 3.a)
    googleauth (1.11.0)
      faraday (>= 1.0, < 3.a)
      google-cloud-env (~> 2.1)
      jwt (>= 1.4, < 3.0)
      multi_json (~> 1.11)
      os (>= 0.9, < 2.0)
      signet (>= 0.16, < 2.a)
    http (5.2.0)
      addressable (~> 2.8)
      base64 (~> 0.1)
      http-cookie (~> 1.0)
      http-form_data (~> 2.2)
      llhttp-ffi (~> 0.5.0)
    http-cookie (1.0.5)
      domain_name (~> 0.5)
    http-form_data (2.3.0)
    jenkins2-api (1.0.17)
      thor (~> 0.19)
    json (2.7.1)
    jwt (2.8.1)
      base64
    llhttp-ffi (0.5.0)
      ffi-compiler (~> 1.0)
      rake (~> 13.0)
    mini_portile2 (2.8.5)
    multi_json (1.15.0)
    mustermann (3.0.0)
      ruby2_keywords (~> 0.0.1)
    nokogiri (1.15.6)
      mini_portile2 (~> 2.8.2)
      racc (~> 1.4)
    os (1.1.4)
    psych (2.2.4)
    public_suffix (5.0.4)
    racc (1.7.3)
    rack (3.0.10)
    rack-protection (4.0.0)
      base64 (>= 0.1.0)
      rack (>= 3.0.0, < 4)
    rack-session (2.0.0)
      rack (>= 3.0.0)
    rake (13.1.0)
    ruby2_keywords (0.0.5)
    signet (0.19.0)
      addressable (~> 2.8)
      faraday (>= 0.17.5, < 3.a)
      jwt (>= 1.5, < 3.0)
      multi_json (~> 1.10)
    sinatra (4.0.0)
      mustermann (~> 3.0)
      rack (>= 3.0.0, < 4)
      rack-protection (= 4.0.0)
      rack-session (>= 2.0.0, < 3)
      tilt (~> 2.0)
    thin (1.6.2)
      daemons (>= 1.0.9)
      eventmachine (>= 1.0.0)
      rack (>= 1.0.0)
    thor (0.20.3)
    tilt (2.3.0)
    time-lord (1.0.1)
    webrick (1.8.1)
    xmlrpc (0.3.3)
      webrick

PLATFORMS
  ruby

DEPENDENCIES
  chronic
  cinch
  cinch-seen
  googleauth
  http
  jenkins2-api
  json
  sinatra
  thin
  xmlrpc

RUBY VERSION
   ruby 2.7.3p183

BUNDLED WITH
   2.1.4
