GEM
  remote: https://rubygems.org/
  specs:
    chronic (0.10.2)
    cinch (2.3.3)
    cinch-cooldown (1.1.7)
      cinch (~> 2)
      time-lord (~> 1.0, >= 1.0.1)
    cinch-identify (1.7.0)
      cinch (~> 2.0)
    cinch-seen (1.0.5)
      cinch (~> 2)
      cinch-cooldown (~> 1.1, >= 1.1.1)
      cinch-storage (~> 1.1)
      cinch-toolbox (~> 1.1)
    cinch-storage (1.2.0)
      cinch (~> 2, >= 2.0.8)
      psych (~> 2.0, >= 2.0.4)
    cinch-toolbox (1.1.6)
      nokogiri (~> 1.6)
    daemons (1.2.4)
    eventmachine (1.2.3)
    json (2.0.3)
    mini_portile2 (2.1.0)
    nokogiri (1.7.0.1)
      mini_portile2 (~> 2.1.0)
    psych (2.2.4)
    rack (1.6.5)
    rack-protection (1.5.3)
      rack
    sinatra (1.4.8)
      rack (~> 1.5)
      rack-protection (~> 1.4)
      tilt (>= 1.3, < 3)
    thin (1.7.0)
      daemons (~> 1.0, >= 1.0.9)
      eventmachine (~> 1.0, >= 1.0.4)
      rack (>= 1, < 3)
    tilt (2.0.6)
    time-lord (1.0.1)
    xmlrpc (0.3.0)

PLATFORMS
  ruby

DEPENDENCIES
  chronic
  cinch
  cinch-identify
  cinch-seen
  json
  sinatra
  thin
  xmlrpc

BUNDLED WITH
   1.14.5
