GEM
  remote: https://rubygems.org/
  specs:
    addressable (2.7.0)
      public_suffix (>= 2.0.2, < 5.0)
    chronic (0.10.2)
    cinch (2.3.4)
    cinch-cooldown (1.2.0)
      cinch (~> 2)
      time-lord (~> 1.0, >= 1.0.1)
    cinch-seen (1.0.5)
      cinch (~> 2)
      cinch-cooldown (~> 1.1, >= 1.1.1)
      cinch-storage (~> 1.1)
      cinch-toolbox (~> 1.1)
    cinch-storage (1.2.0)
      cinch (~> 2, >= 2.0.8)
      psych (~> 2.0, >= 2.0.4)
    cinch-toolbox (1.1.6)
      nokogiri (~> 1.6)
    daemons (1.3.1)
    domain_name (0.5.20190701)
      unf (>= 0.0.5, < 1.0.0)
    eventmachine (1.2.7)
    faraday (0.17.1)
      multipart-post (>= 1.2, < 3)
    ffi (1.11.3)
    ffi-compiler (1.0.1)
      ffi (>= 1.0.0)
      rake
    googleauth (0.10.0)
      faraday (~> 0.12)
      jwt (>= 1.4, < 3.0)
      memoist (~> 0.16)
      multi_json (~> 1.11)
      os (>= 0.9, < 2.0)
      signet (~> 0.12)
    http (4.2.0)
      addressable (~> 2.3)
      http-cookie (~> 1.0)
      http-form_data (~> 2.0)
      http-parser (~> 1.2.0)
    http-cookie (1.0.3)
      domain_name (~> 0.5)
    http-form_data (2.1.1)
    http-parser (1.2.1)
      ffi-compiler (>= 1.0, < 2.0)
    json (2.3.0)
    jwt (2.2.1)
    memoist (0.16.2)
    mini_portile2 (2.5.1)
    multi_json (1.14.1)
    multipart-post (2.1.1)
    mustermann (1.0.3)
    nokogiri (1.11.4)
      mini_portile2 (~> 2.5.0)
      racc (~> 1.4)
    os (1.0.1)
    psych (2.2.4)
    public_suffix (4.0.2)
    racc (1.5.2)
    rack (2.2.3)
    rack-protection (2.0.7)
      rack
    rake (13.0.1)
    signet (0.12.0)
      addressable (~> 2.3)
      faraday (~> 0.9)
      jwt (>= 1.5, < 3.0)
      multi_json (~> 1.10)
    sinatra (2.0.7)
      mustermann (~> 1.0)
      rack (~> 2.0)
      rack-protection (= 2.0.7)
      tilt (~> 2.0)
    thin (1.7.2)
      daemons (~> 1.0, >= 1.0.9)
      eventmachine (~> 1.0, >= 1.0.4)
      rack (>= 1, < 3)
    tilt (2.0.10)
    time-lord (1.0.1)
    unf (0.1.4)
      unf_ext
    unf_ext (0.0.7.6)
    xmlrpc (0.3.0)

PLATFORMS
  ruby

DEPENDENCIES
  chronic
  cinch
  cinch-seen
  googleauth
  http
  json
  sinatra
  thin
  xmlrpc

BUNDLED WITH
   2.1.1
