GEM
  remote: https://rubygems.org/
  specs:
    addressable (2.5.2)
      public_suffix (>= 2.0.2, < 4.0)
    chronic (0.10.2)
    cinch (2.3.4)
    cinch-cooldown (1.2.0)
      cinch (~> 2)
      time-lord (~> 1.0, >= 1.0.1)
    cinch-seen (1.0.5)
      cinch (~> 2)
      cinch-cooldown (~> 1.1, >= 1.1.1)
      cinch-storage (~> 1.1)
      cinch-toolbox (~> 1.1)
    cinch-storage (1.2.0)
      cinch (~> 2, >= 2.0.8)
      psych (~> 2.0, >= 2.0.4)
    cinch-toolbox (1.1.6)
      nokogiri (~> 1.6)
    daemons (1.3.1)
    domain_name (0.5.20180417)
      unf (>= 0.0.5, < 1.0.0)
    eventmachine (1.2.7)
    faraday (0.15.4)
      multipart-post (>= 1.2, < 3)
    googleauth (0.8.0)
      faraday (~> 0.12)
      jwt (>= 1.4, < 3.0)
      memoist (~> 0.16)
      multi_json (~> 1.11)
      os (>= 0.9, < 2.0)
      signet (~> 0.7)
    http (4.0.0)
      addressable (~> 2.3)
      http-cookie (~> 1.0)
      http-form_data (~> 2.0)
      http_parser.rb (~> 0.6.0)
    http-cookie (1.0.3)
      domain_name (~> 0.5)
    http-form_data (2.1.1)
    http_parser.rb (0.6.0)
    json (2.1.0)
    jwt (2.1.0)
    memoist (0.16.0)
    mini_portile2 (2.4.0)
    multi_json (1.13.1)
    multipart-post (2.0.0)
    mustermann (1.0.3)
    nokogiri (1.10.0)
      mini_portile2 (~> 2.4.0)
    os (1.0.0)
    psych (2.2.4)
    public_suffix (3.0.3)
    rack (2.0.6)
    rack-protection (2.0.5)
      rack
    signet (0.11.0)
      addressable (~> 2.3)
      faraday (~> 0.9)
      jwt (>= 1.5, < 3.0)
      multi_json (~> 1.10)
    sinatra (2.0.5)
      mustermann (~> 1.0)
      rack (~> 2.0)
      rack-protection (= 2.0.5)
      tilt (~> 2.0)
    thin (1.7.2)
      daemons (~> 1.0, >= 1.0.9)
      eventmachine (~> 1.0, >= 1.0.4)
      rack (>= 1, < 3)
    tilt (2.0.9)
    time-lord (1.0.1)
    unf (0.1.4)
      unf_ext
    unf_ext (0.0.7.5)
    xmlrpc (0.3.0)

PLATFORMS
  ruby

DEPENDENCIES
  chronic
  cinch
  cinch-seen
  googleauth
  http
  json
  sinatra
  thin
  xmlrpc

BUNDLED WITH
   1.17.1
