GEM
  remote: https://rubygems.org/
  specs:
    cinch (2.0.12)
    cinch-cooldown (1.1.3)
      cinch (~> 2.0.12)
      time-lord (~> 1.0.1)
    cinch-seen (1.0.3)
      cinch (~> 2.0.12)
      cinch-cooldown (~> 1.1.1)
      cinch-storage (~> 1.1.0)
      cinch-toolbox (~> 1.1.0)
      time-lord (~> 1.0.1)
    cinch-storage (1.1.0)
      cinch (~> 2.0.12)
      psych (~> 1.3.4)
    cinch-toolbox (1.1.4)
      nokogiri (~> 1.6.0)
    json (1.8.1)
    mini_portile (0.6.0)
    nokogiri (1.6.3.1)
      mini_portile (= 0.6.0)
    psych (1.3.4)
    time-lord (1.0.1)

PLATFORMS
  ruby

DEPENDENCIES
  cinch (= 2.0.12)
  cinch-seen (~> 1.0.3)
  json
