GEM
  remote: https://rubygems.org/
  specs:
    chronic (0.10.2)
    cinch (2.0.12)
    cinch-cooldown (1.1.3)
      cinch (~> 2.0.12)
      time-lord (~> 1.0.1)
    cinch-identify (1.6.0)
      cinch (~> 2.0)
    cinch-seen (1.0.3)
      cinch (~> 2.0.12)
      cinch-cooldown (~> 1.1.1)
      cinch-storage (~> 1.1.0)
      cinch-toolbox (~> 1.1.0)
      time-lord (~> 1.0.1)
    cinch-storage (1.1.0)
      cinch (~> 2.0.12)
      psych (~> 1.3.4)
    cinch-toolbox (1.1.4)
      nokogiri (~> 1.6.0)
    daemons (1.1.9)
    eventmachine (1.0.3)
    json (1.8.1)
    mini_portile (0.6.0)
    nokogiri (1.6.3.1)
      mini_portile (= 0.6.0)
    psych (1.3.4)
    rack (1.5.2)
    rack-protection (1.5.3)
      rack
    sinatra (1.4.5)
      rack (~> 1.4)
      rack-protection (~> 1.4)
      tilt (~> 1.3, >= 1.3.4)
    thin (1.6.2)
      daemons (>= 1.0.9)
      eventmachine (>= 1.0.0)
      rack (>= 1.0.0)
    tilt (1.4.1)
    time-lord (1.0.1)

PLATFORMS
  ruby

DEPENDENCIES
  chronic
  cinch (= 2.0.12)
  cinch-identify (~> 1.6.0)
  cinch-seen (~> 1.0.3)
  json
  sinatra
  thin
